GEM
  remote: https://rubygems.org/
  specs:
    unicode (0.4.4.4-x86-mingw32)

PLATFORMS
  x86-mingw32

DEPENDENCIES
  unicode

BUNDLED WITH
   1.16.1
